PATH
  remote: .
  specs:
    rinruby (2.0.3)

GEM
  remote: https://rubygems.org/
  specs:

PLATFORMS
  ruby

DEPENDENCIES
  rinruby!
